GEM
  remote: https://rubygems.org/
  specs:
    addressable (2.3.8)
    allure-cucumber (0.5.1)
      allure-ruby-adaptor-api
      cucumber (>= 2.0.0)
    allure-ruby-adaptor-api (0.6.8)
      mimemagic
      nokogiri (~> 1.6.0)
      uuid
    axiom-types (0.1.1)
      descendants_tracker (~> 0.0.4)
      ice_nine (~> 0.11.0)
      thread_safe (~> 0.3, >= 0.3.1)
    builder (3.2.2)
    capybara (2.5.0)
      mime-types (>= 1.16)
      nokogiri (>= 1.3.3)
      rack (>= 1.0.0)
      rack-test (>= 0.5.4)
      xpath (~> 2.0)
    childprocess (0.5.7)
      ffi (~> 1.0, >= 1.0.11)
    coderay (1.1.0)
    coercible (1.0.0)
      descendants_tracker (~> 0.0.1)
    cucumber (2.1.0)
      builder (>= 2.1.2)
      cucumber-core (~> 1.3.0)
      diff-lcs (>= 1.1.3)
      gherkin3 (~> 3.1.0)
      multi_json (>= 1.7.5, < 2.0)
      multi_test (>= 0.1.2)
    cucumber-api-steps (0.13)
      cucumber (>= 1.2.1)
      jsonpath (>= 0.1.2)
      rspec (>= 2.12.0)
    cucumber-core (1.3.0)
      gherkin3 (~> 3.1.0)
    cucumber_statistics (2.1.1)
      cucumber (>= 2.1.0)
      haml
      tilt
      virtus
    data_magic (0.21)
      faker (>= 1.1.2)
      yml_reader (>= 0.4)
    descendants_tracker (0.0.4)
      thread_safe (~> 0.3, >= 0.3.1)
    diff-lcs (1.2.5)
    domain_name (0.5.25)
      unf (>= 0.0.5, < 1.0.0)
    equalizer (0.0.11)
    faker (1.5.0)
      i18n (~> 0.5)
    ffi (1.9.10)
    fig_newton (0.12)
      yml_reader (>= 0.5)
    gherkin (2.12.2)
      multi_json (~> 1.3)
    gherkin3 (3.1.2)
    haml (4.0.7)
      tilt
    headless (2.2.0)
    http-cookie (1.0.2)
      domain_name (~> 0.5)
    i18n (0.7.0)
    ice_nine (0.11.1)
    jsonpath (0.5.7)
      multi_json
    macaddr (1.7.1)
      systemu (~> 2.6.2)
    method_source (0.8.2)
    mime-types (2.6.2)
    mimemagic (0.3.0)
    mini_portile (0.6.2)
    multi_json (1.11.2)
    multi_test (0.1.2)
    netrc (0.11.0)
    nokogiri (1.6.6.2)
      mini_portile (~> 0.6.0)
    page-object (1.1.0)
      page_navigation (>= 0.9)
      selenium-webdriver (>= 2.44.0)
      watir-webdriver (>= 0.6.11)
    page_navigation (0.9)
      data_magic (>= 0.14)
    parallel (1.6.1)
    parallel_tests (1.9.0)
      parallel
    phantomjs (1.9.8.0)
    pry (0.10.3)
      coderay (~> 1.1.0)
      method_source (~> 0.8.1)
      slop (~> 3.4)
    pry-rails (0.3.4)
      pry (>= 0.9.10)
    rack (1.6.4)
    rack-test (0.6.3)
      rack (>= 1.0)
    rest-client (1.8.0)
      http-cookie (>= 1.0.2, < 2.0)
      mime-types (>= 1.16, < 3.0)
      netrc (~> 0.7)
    rspec (3.3.0)
      rspec-core (~> 3.3.0)
      rspec-expectations (~> 3.3.0)
      rspec-mocks (~> 3.3.0)
    rspec-core (3.3.2)
      rspec-support (~> 3.3.0)
    rspec-expectations (3.3.1)
      diff-lcs (>= 1.2.0, < 2.0)
      rspec-support (~> 3.3.0)
    rspec-mocks (3.3.2)
      diff-lcs (>= 1.2.0, < 2.0)
      rspec-support (~> 3.3.0)
    rspec-support (3.3.0)
    rubyzip (1.1.7)
    selenium-webdriver (2.48.1)
      childprocess (~> 0.5)
      multi_json (~> 1.0)
      rubyzip (~> 1.0)
      websocket (~> 1.0)
    site_prism (2.8)
      addressable (>= 2.3.3, < 3.0)
      capybara (>= 2.1, < 3.0)
    slop (3.6.0)
    systemu (2.6.5)
    thor (0.19.1)
    thread_safe (0.3.5)
    tilt (2.0.1)
    unf (0.1.4)
      unf_ext
    unf_ext (0.0.7.1)
    uuid (2.3.8)
      macaddr (~> 1.0)
    virtus (1.0.5)
      axiom-types (~> 0.1)
      coercible (~> 1.0)
      descendants_tracker (~> 0.0, >= 0.0.3)
      equalizer (~> 0.0, >= 0.0.9)
    watir-webdriver (0.9.1)
      selenium-webdriver (>= 2.46.2)
    websocket (1.2.2)
    xpath (2.0.0)
      nokogiri (~> 1.3)
    yml_reader (0.5)

PLATFORMS
  ruby

DEPENDENCIES
  allure-cucumber
  allure-ruby-adaptor-api
  capybara
  cucumber
  cucumber-api-steps
  cucumber_statistics
  data_magic
  faker
  fig_newton
  gherkin
  headless
  page-object
  parallel_tests
  phantomjs
  pry
  pry-rails
  rest-client
  rspec
  rspec-expectations
  selenium-webdriver
  site_prism
  thor

BUNDLED WITH
   1.10.6
